GEM
  remote: http://rubygems.org/
  specs:
    activesupport (3.0.3)
    addressable (2.2.2)
    autotest (4.4.4)
    builder (2.1.2)
    crack (0.1.8)
    diff-lcs (1.1.2)
    git (1.2.5)
    i18n (0.5.0)
    jeweler (1.5.1)
      bundler (~> 1.0.0)
      git (>= 1.2.5)
      rake
    mocha (0.9.10)
      rake
    rake (0.8.7)
    rcov (0.9.9)
    redgreen (1.2.2)
    rspec (2.1.0)
      rspec-core (~> 2.1.0)
      rspec-expectations (~> 2.1.0)
      rspec-mocks (~> 2.1.0)
    rspec-core (2.1.0)
    rspec-expectations (2.1.0)
      diff-lcs (~> 1.1.2)
    rspec-mocks (2.1.0)
    webmock (1.6.1)
      addressable (>= 2.2.2)
      crack (>= 0.1.7)

PLATFORMS
  ruby

DEPENDENCIES
  activesupport
  autotest (= 4.4.4)
  builder
  bundler (~> 1.0.0)
  i18n
  jeweler (~> 1.5.1)
  mocha
  rcov
  redgreen (= 1.2.2)
  rspec (~> 2.1.0)
  webmock (~> 1.6.0)
